PATH
  remote: .
  specs:
    confinement (0.0.3)
      erubi
      puma (~> 4.3)
      rack (~> 2.2)
      zeitwerk (~> 2.3)

GEM
  remote: https://rubygems.org/
  specs:
    coderay (1.1.2)
    erubi (1.9.0)
    method_source (1.0.0)
    minitest (5.14.0)
    nio4r (2.5.2)
    pry (0.13.0)
      coderay (~> 1.1)
      method_source (~> 1.0)
    puma (4.3.3)
      nio4r (~> 2.0)
    rack (2.2.2)
    rake (13.0.1)
    zeitwerk (2.3.0)

PLATFORMS
  ruby

DEPENDENCIES
  bundler (~> 2.0)
  confinement!
  minitest (~> 5.0)
  pry
  rake (~> 13.0)

BUNDLED WITH
   2.1.4
