PATH
  remote: .
  specs:
    confinement (0.0.0)

GEM
  remote: https://rubygems.org/
  specs:
    minitest (5.14.0)
    rake (13.0.1)

PLATFORMS
  ruby

DEPENDENCIES
  bundler (~> 2.0)
  confinement!
  minitest (~> 5.0)
  rake (~> 13.0)

BUNDLED WITH
   2.1.4
