PATH
  remote: .
  specs:
    confinement (0.0.1)
      erubi

GEM
  remote: https://rubygems.org/
  specs:
    byebug (11.1.1)
    coderay (1.1.2)
    erubi (1.9.0)
    method_source (1.0.0)
    minitest (5.14.0)
    pry (0.13.0)
      coderay (~> 1.1)
      method_source (~> 1.0)
    pry-byebug (3.9.0)
      byebug (~> 11.0)
      pry (~> 0.13.0)
    rake (13.0.1)

PLATFORMS
  ruby

DEPENDENCIES
  bundler (~> 2.0)
  confinement!
  minitest (~> 5.0)
  pry-byebug
  rake (~> 13.0)

BUNDLED WITH
   2.1.4
